PATH
  remote: .
  specs:
    speq (1.0.0)
      colorize

GEM
  remote: https://rubygems.org/
  specs:
    coderay (1.1.3)
    colorize (0.8.1)
    method_source (1.0.0)
    pry (0.14.0)
      coderay (~> 1.1)
      method_source (~> 1.0)
    rake (13.0.3)

PLATFORMS
  arm64-darwin-20

DEPENDENCIES
  bundler
  pry
  rake
  speq!

BUNDLED WITH
   2.2.3
